GEM
  remote: https://rubygems.org/
  specs:
    awesome_bot (1.17.2)
      parallel (= 1.12.0)
    parallel (1.12.0)

PLATFORMS
  ruby

DEPENDENCIES
  awesome_bot

BUNDLED WITH
   1.16.0
